PATH
  remote: .
  specs:
    marketplace (0.0.0)

GEM
  remote: http://rubygems.org/
  specs:
    activemodel (3.1.1)
      activesupport (= 3.1.1)
      builder (~> 3.0.0)
      i18n (~> 0.6)
    activesupport (3.1.1)
      multi_json (~> 1.0)
    addressable (2.2.6)
    archive-tar-minitar (0.5.2)
    builder (3.0.0)
    columnize (0.3.4)
    crack (0.3.1)
    cucumber (1.1.1)
      builder (>= 2.1.2)
      diff-lcs (>= 1.1.2)
      gherkin (~> 2.6.0)
      json (>= 1.4.6)
      term-ansicolor (>= 1.0.6)
    diff-lcs (1.1.3)
    gherkin (2.6.2)
      json (>= 1.4.6)
    git (1.2.5)
    guard (0.8.8)
      thor (~> 0.14.6)
    guard-focus (0.0.1)
      guard
    httparty (0.8.1)
      multi_json
      multi_xml
    i18n (0.6.0)
    jeweler (1.6.4)
      bundler (~> 1.0)
      git (>= 1.2.5)
      rake
    json (1.6.1)
    linecache19 (0.5.12)
      ruby_core_source (>= 0.1.4)
    multi_json (1.0.3)
    multi_xml (0.4.1)
    multipart-post (1.1.4)
    rake (0.9.2.2)
    rspec (2.8.0)
      rspec-core (~> 2.8.0)
      rspec-expectations (~> 2.8.0)
      rspec-mocks (~> 2.8.0)
    rspec-core (2.8.0)
    rspec-expectations (2.8.0)
      diff-lcs (~> 1.1.2)
    rspec-mocks (2.8.0)
    ruby-debug-base19 (0.11.25)
      columnize (>= 0.3.1)
      linecache19 (>= 0.5.11)
      ruby_core_source (>= 0.1.4)
    ruby-debug19 (0.11.6)
      columnize (>= 0.3.1)
      linecache19 (>= 0.5.11)
      ruby-debug-base19 (>= 0.11.19)
    ruby_core_source (0.1.5)
      archive-tar-minitar (>= 0.5.2)
    term-ansicolor (1.0.7)
    thor (0.14.6)
    webmock (1.7.7)
      addressable (~> 2.2, > 2.2.5)
      crack (>= 0.1.7)

PLATFORMS
  ruby

DEPENDENCIES
  activemodel (~> 3.1.1)
  activesupport (~> 3.1.1)
  crack (~> 0.3.1)
  cucumber (~> 1.1.1)
  guard-focus (~> 0.0.1)
  httparty (~> 0.8.1)
  i18n (~> 0.6.0)
  jeweler (~> 1.6.4)
  marketplace!
  multipart-post (~> 1.1.4)
  rspec (~> 2.8.0)
  ruby-debug19 (~> 0.11.6)
  webmock (~> 1.7.7)
