PATH
  remote: .
  specs:
    marketplace (0.0.0)

GEM
  remote: http://rubygems.org/
  specs:
    activesupport (3.1.1)
      multi_json (~> 1.0)
    addressable (2.2.6)
    crack (0.3.1)
    diff-lcs (1.1.3)
    git (1.2.5)
    guard (0.8.8)
      thor (~> 0.14.6)
    guard-focus (0.0.1)
      guard
    i18n (0.6.0)
    jeweler (1.6.4)
      bundler (~> 1.0)
      git (>= 1.2.5)
      rake
    multi_json (1.0.3)
    rake (0.9.2.2)
    rspec (2.3.0)
      rspec-core (~> 2.3.0)
      rspec-expectations (~> 2.3.0)
      rspec-mocks (~> 2.3.0)
    rspec-core (2.3.1)
    rspec-expectations (2.3.0)
      diff-lcs (~> 1.1.2)
    rspec-mocks (2.3.0)
    thor (0.14.6)
    webmock (1.7.7)
      addressable (~> 2.2, > 2.2.5)
      crack (>= 0.1.7)

PLATFORMS
  ruby

DEPENDENCIES
  activesupport (~> 3.1.1)
  guard-focus (~> 0.0.1)
  i18n (~> 0.6.0)
  jeweler (~> 1.6.4)
  marketplace!
  rspec (~> 2.3.0)
  webmock (~> 1.7.7)
